GEM
  remote: https://rubygems.org/
  specs:
    backports (3.15.0)
    faraday (1.3.0)
      faraday-net_http (~> 1.0)
      multipart-post (>= 1.2, < 3)
      ruby2_keywords
    faraday-net_http (1.0.0)
    jwt (2.2.2)
    mini_portile2 (2.4.0)
    multi_json (1.13.1)
    multipart-post (2.1.1)
    mustermann (1.0.3)
    nokogiri (1.10.10)
      mini_portile2 (~> 2.4.0)
    rack (2.0.7)
    rack-flash3 (1.0.5)
      rack
    rack-protection (2.0.5)
      rack
    ruby2_keywords (0.0.2)
    sinatra (2.0.5)
      mustermann (~> 1.0)
      rack (~> 2.0)
      rack-protection (= 2.0.5)
      tilt (~> 2.0)
    sinatra-contrib (2.0.5)
      backports (>= 2.8.2)
      multi_json
      mustermann (~> 1.0)
      rack-protection (= 2.0.5)
      sinatra (= 2.0.5)
      tilt (>= 1.3, < 3)
    tilt (2.0.9)
    twilio-ruby (5.45.1)
      faraday (>= 0.9, < 2.0)
      jwt (>= 1.5, <= 2.5)
      nokogiri (>= 1.6, < 2.0)

PLATFORMS
  ruby

DEPENDENCIES
  rack-flash3
  sinatra
  sinatra-contrib
  twilio-ruby (>= 5.25.2)

BUNDLED WITH
   1.17.3
